GEM
  remote: http://rubygems.org/
  specs:
    ansi (1.4.3)
    json (1.8.0)
    minitest (4.1.0)
    plist (3.1.0)
    rake (10.1.0)
    rdoc (4.0.1)
      json (~> 1.4)
    turn (0.9.6)
      ansi

PLATFORMS
  ruby

DEPENDENCIES
  ansi (= 1.4.3)
  minitest (= 4.1.0)
  plist (= 3.1.0)
  rake
  rdoc
  turn (= 0.9.6)
